PATH
  remote: .
  specs:
    nyudl-text (0.0.1)
      aasm

GEM
  remote: https://rubygems.org/
  specs:
    aasm (3.0.22)
    diff-lcs (1.2.4)
    rake (10.1.0)
    rspec (2.14.1)
      rspec-core (~> 2.14.0)
      rspec-expectations (~> 2.14.0)
      rspec-mocks (~> 2.14.0)
    rspec-core (2.14.5)
    rspec-expectations (2.14.2)
      diff-lcs (>= 1.1.3, < 2.0)
    rspec-mocks (2.14.3)

PLATFORMS
  ruby

DEPENDENCIES
  bundler (~> 1.3)
  nyudl-text!
  rake
  rspec
